GIT
  remote: https://github.com/twbs/bootstrap-rubygem
  revision: b156edfee2b9629ad4751ee2a118a04f824ef9eb
  specs:
    bootstrap (4.0.0.alpha6)
      autoprefixer-rails (>= 6.0.3)
      popper_js (>= 1.9.9, < 2.0)
      sass (>= 3.4.19)

GEM
  remote: https://rubygems.org/
  specs:
    actionmailer (4.1.7)
      actionpack (= 4.1.7)
      actionview (= 4.1.7)
      mail (~> 2.5, >= 2.5.4)
    actionpack (4.1.7)
      actionview (= 4.1.7)
      activesupport (= 4.1.7)
      rack (~> 1.5.2)
      rack-test (~> 0.6.2)
    actionview (4.1.7)
      activesupport (= 4.1.7)
      builder (~> 3.1)
      erubis (~> 2.7.0)
    activemodel (4.1.7)
      activesupport (= 4.1.7)
      builder (~> 3.1)
    activerecord (4.1.7)
      activemodel (= 4.1.7)
      activesupport (= 4.1.7)
      arel (~> 5.0.0)
    activesupport (4.1.7)
      i18n (~> 0.6, >= 0.6.9)
      json (~> 1.7, >= 1.7.7)
      minitest (~> 5.1)
      thread_safe (~> 0.1)
      tzinfo (~> 1.1)
    arel (5.0.1.20140414130214)
    autoprefixer-rails (7.1.2.3)
      execjs
    bcrypt (3.1.11)
    best_in_place (3.1.1)
      actionpack (>= 3.2)
      railties (>= 3.2)
    builder (3.2.3)
    chartkick (2.2.4)
    coffee-rails (4.0.1)
      coffee-script (>= 2.2.0)
      railties (>= 4.0.0, < 5.0)
    coffee-script (2.4.1)
      coffee-script-source
      execjs
    coffee-script-source (1.12.2)
    devise (4.2.0)
      bcrypt (~> 3.0)
      orm_adapter (~> 0.1)
      railties (>= 4.1.0, < 5.1)
      responders
      warden (~> 1.2.3)
    erubis (2.7.0)
    execjs (2.7.0)
    ffi (1.9.18)
    font-awesome-sass (4.7.0)
      sass (>= 3.2)
    hike (1.2.3)
    i18n (0.8.6)
    jbuilder (2.6.4)
      activesupport (>= 3.0.0)
      multi_json (>= 1.2)
    jquery-datatables-rails (3.3.0)
      actionpack (>= 3.1)
      jquery-rails
      railties (>= 3.1)
      sass-rails
    jquery-rails (3.1.4)
      railties (>= 3.0, < 5.0)
      thor (>= 0.14, < 2.0)
    json (1.8.6)
    mail (2.6.6)
      mime-types (>= 1.16, < 4)
    mime-types (3.1)
      mime-types-data (~> 3.2015)
    mime-types-data (3.2016.0521)
    minitest (5.10.2)
    multi_json (1.12.1)
    orm_adapter (0.5.0)
    pg (0.21.0)
    popper_js (1.10.8)
    rack (1.5.5)
    rack-test (0.6.3)
      rack (>= 1.0)
    rails (4.1.7)
      actionmailer (= 4.1.7)
      actionpack (= 4.1.7)
      actionview (= 4.1.7)
      activemodel (= 4.1.7)
      activerecord (= 4.1.7)
      activesupport (= 4.1.7)
      bundler (>= 1.3.0, < 2.0)
      railties (= 4.1.7)
      sprockets-rails (~> 2.0)
    rails_12factor (0.0.3)
      rails_serve_static_assets
      rails_stdout_logging
    rails_serve_static_assets (0.0.5)
    rails_stdout_logging (0.0.5)
    railties (4.1.7)
      actionpack (= 4.1.7)
      activesupport (= 4.1.7)
      rake (>= 0.8.7)
      thor (>= 0.18.1, < 2.0)
    rake (12.0.0)
    rb-fsevent (0.10.2)
    rb-inotify (0.9.10)
      ffi (>= 0.5.0, < 2)
    rdoc (4.3.0)
    responders (1.1.2)
      railties (>= 3.2, < 4.2)
    sass (3.5.1)
      sass-listen (~> 4.0.0)
    sass-listen (4.0.0)
      rb-fsevent (~> 0.9, >= 0.9.4)
      rb-inotify (~> 0.9, >= 0.9.7)
    sass-rails (5.0.6)
      railties (>= 4.0.0, < 6)
      sass (~> 3.1)
      sprockets (>= 2.8, < 4.0)
      sprockets-rails (>= 2.0, < 4.0)
      tilt (>= 1.1, < 3)
    sdoc (0.4.2)
      json (~> 1.7, >= 1.7.7)
      rdoc (~> 4.0)
    spring (1.7.2)
    sprockets (2.12.4)
      hike (~> 1.2)
      multi_json (~> 1.0)
      rack (~> 1.0)
      tilt (~> 1.1, != 1.3.0)
    sprockets-rails (2.3.3)
      actionpack (>= 3.0)
      activesupport (>= 3.0)
      sprockets (>= 2.8, < 4.0)
    thor (0.19.4)
    thread_safe (0.3.6)
    tilt (1.4.1)
    turbolinks (5.0.1)
      turbolinks-source (~> 5)
    turbolinks-source (5.0.3)
    tzinfo (1.2.3)
      thread_safe (~> 0.1)
    uglifier (3.2.0)
      execjs (>= 0.3.0, < 3)
    warden (1.2.6)
      rack (>= 1.0)
    wysiwyg-rails (2.6.5)
      font-awesome-sass (~> 4.4, >= 4.4.0)
      railties (>= 3.2, < 6.0)

PLATFORMS
  ruby

DEPENDENCIES
  best_in_place
  bootstrap!
  chartkick
  coffee-rails (~> 4.0.0)
  devise
  jbuilder (~> 2.0)
  jquery-datatables-rails (~> 3.3.0)
  jquery-rails
  pg
  rails (= 4.1.7)
  rails_12factor
  sdoc (~> 0.4.0)
  spring
  turbolinks
  uglifier (>= 1.3.0)
  wysiwyg-rails

BUNDLED WITH
   1.13.1
